PATH
  remote: .
  specs:
    test_gem_udemyjhadeo (0.1.0)

GEM
  remote: https://rubygems.org/
  specs:
    rake (13.0.6)

PLATFORMS
  x86_64-linux

DEPENDENCIES
  rake (~> 13.0)
  test_gem_udemyjhadeo!

BUNDLED WITH
   2.3.15
